GEM
  remote: https://rubygems.org/
  specs:
    github-markdown (0.6.5)
    rack (1.5.2)
    rack-protection (1.5.3)
      rack
    rdiscount (2.1.7.1)
    redcarpet (3.1.1)
    sinatra (1.4.5)
      rack (~> 1.4)
      rack-protection (~> 1.4)
      tilt (~> 1.3, >= 1.3.4)
    tilt (1.4.1)

PLATFORMS
  ruby

DEPENDENCIES
  github-markdown
  rdiscount
  redcarpet
  sinatra
