GEM
  remote: https://rubygems.org/
  specs:
    github-markup (1.2.1)
      posix-spawn (~> 0.3.8)
    kgio (2.9.3)
    posix-spawn (0.3.8)
    rack (1.5.2)
    rack-protection (1.5.3)
      rack
    raindrops (0.13.0)
    rdiscount (2.1.7.1)
    redcarpet (3.1.1)
    sinatra (1.4.5)
      rack (~> 1.4)
      rack-protection (~> 1.4)
      tilt (~> 1.3, >= 1.3.4)
    tilt (1.4.1)
    unicorn (4.8.3)
      kgio (~> 2.6)
      rack
      raindrops (~> 0.7)

PLATFORMS
  ruby

DEPENDENCIES
  github-markup
  rdiscount
  redcarpet
  sinatra
  unicorn
